GIT
  remote: git://github.com/agerwick/rack-minitest.git
  revision: 58cdbac8a01b811e1239df45b00f619012390028
  specs:
    rack-minitest (0.0.9)
      json
      minitest (~> 5.0)
      rack-test

GEM
  remote: https://rubygems.org/
  specs:
    activemodel (4.1.8)
      activesupport (= 4.1.8)
      builder (~> 3.1)
    activesupport (4.1.8)
      i18n (~> 0.6, >= 0.6.9)
      json (~> 1.7, >= 1.7.7)
      minitest (~> 5.1)
      thread_safe (~> 0.1)
      tzinfo (~> 1.1)
    addressable (2.3.6)
    bson (2.3.0)
    builder (3.2.2)
    capybara (2.4.4)
      mime-types (>= 1.16)
      nokogiri (>= 1.3.3)
      rack (>= 1.0.0)
      rack-test (>= 0.5.4)
      xpath (~> 2.0)
    capybara-webkit (1.3.1)
      capybara (>= 2.0.2, < 2.5.0)
      json
    capybara_minitest_spec (1.0.5)
      capybara (>= 2)
      minitest (>= 4)
    codeclimate-test-reporter (0.4.1)
      simplecov (>= 0.7.1, < 1.0.0)
    connection_pool (2.1.0)
    docile (1.1.5)
    haml (4.0.5)
      tilt
    i18n (0.6.11)
    json (1.8.1)
    launchy (2.4.3)
      addressable (~> 2.3)
    mime-types (2.4.3)
    mini_portile (0.6.1)
    minitest (5.4.3)
    mongoid (4.0.0)
      activemodel (~> 4.0)
      moped (~> 2.0.0)
      origin (~> 2.1)
      tzinfo (>= 0.3.37)
    moped (2.0.1)
      bson (~> 2.2)
      connection_pool (~> 2.0)
      optionable (~> 0.2.0)
    multi_json (1.10.1)
    nokogiri (1.6.4.1)
      mini_portile (~> 0.6.0)
    optionable (0.2.0)
    origin (2.1.1)
    rack (1.5.2)
    rack-protection (1.5.3)
      rack
    rack-test (0.6.2)
      rack (>= 1.0)
    rake (10.4.0)
    shotgun (0.9)
      rack (>= 1.0)
    simplecov (0.9.1)
      docile (~> 1.1.0)
      multi_json (~> 1.0)
      simplecov-html (~> 0.8.0)
    simplecov-html (0.8.0)
    sinatra (1.4.5)
      rack (~> 1.4)
      rack-protection (~> 1.4)
      tilt (~> 1.3, >= 1.3.4)
    thread_safe (0.3.4)
    tilt (1.4.1)
    travis-lint (2.0.0)
      json
    tzinfo (1.2.2)
      thread_safe (~> 0.1)
    xpath (2.0.0)
      nokogiri (~> 1.3)

PLATFORMS
  ruby

DEPENDENCIES
  capybara (~> 2.2)
  capybara-webkit (~> 1.0)
  capybara_minitest_spec (~> 1.0)
  codeclimate-test-reporter
  haml (~> 4.0)
  launchy
  minitest (~> 5.0)
  mongoid (~> 4.0.0)
  rack-minitest!
  rack-test (~> 0.6)
  rake
  shotgun
  simplecov
  sinatra (~> 1.4)
  travis-lint
