GIT
  remote: git://github.com/agerwick/rack-minitest.git
  revision: 852b9aa04cba7b3646e2b6b8b636c3a048a2a063
  specs:
    rack-minitest (0.0.10)
      json
      minitest (~> 5.0)
      rack-test

GEM
  remote: https://rubygems.org/
  specs:
    activemodel (4.2.4)
      activesupport (= 4.2.4)
      builder (~> 3.1)
    activesupport (4.2.4)
      i18n (~> 0.7)
      json (~> 1.7, >= 1.7.7)
      minitest (~> 5.1)
      thread_safe (~> 0.3, >= 0.3.4)
      tzinfo (~> 1.1)
    addressable (2.3.8)
    bson (3.2.1)
    builder (3.2.2)
    capybara (2.5.0)
      mime-types (>= 1.16)
      nokogiri (>= 1.3.3)
      rack (>= 1.0.0)
      rack-test (>= 0.5.4)
      xpath (~> 2.0)
    capybara-webkit (1.1.0)
      capybara (~> 2.0, >= 2.0.2)
      json
    capybara_minitest_spec (1.0.5)
      capybara (>= 2)
      minitest (>= 4)
    codeclimate-test-reporter (0.4.7)
      simplecov (>= 0.7.1, < 1.0.0)
    connection_pool (2.2.0)
    docile (1.1.5)
    haml (4.0.7)
      tilt
    i18n (0.7.0)
    json (1.8.3)
    launchy (2.4.3)
      addressable (~> 2.3)
    mime-types (2.6.1)
    mini_portile (0.6.2)
    minitest (5.8.0)
    mongoid (4.0.2)
      activemodel (~> 4.0)
      moped (~> 2.0.0)
      origin (~> 2.1)
      tzinfo (>= 0.3.37)
    moped (2.0.7)
      bson (~> 3.0)
      connection_pool (~> 2.0)
      optionable (~> 0.2.0)
    nokogiri (1.6.6.2)
      mini_portile (~> 0.6.0)
    optionable (0.2.0)
    origin (2.1.1)
    rack (1.6.4)
    rack-protection (1.5.3)
      rack
    rack-test (0.6.3)
      rack (>= 1.0)
    rake (10.4.2)
    shotgun (0.9.1)
      rack (>= 1.0)
    simplecov (0.10.0)
      docile (~> 1.1.0)
      json (~> 1.8)
      simplecov-html (~> 0.10.0)
    simplecov-html (0.10.0)
    sinatra (1.4.6)
      rack (~> 1.4)
      rack-protection (~> 1.4)
      tilt (>= 1.3, < 3)
    thread_safe (0.3.5)
    tilt (2.0.1)
    travis-lint (2.0.0)
      json
    tzinfo (1.2.2)
      thread_safe (~> 0.1)
    xpath (2.0.0)
      nokogiri (~> 1.3)

PLATFORMS
  ruby

DEPENDENCIES
  capybara (~> 2.2)
  capybara-webkit (~> 1.0)
  capybara_minitest_spec (~> 1.0)
  codeclimate-test-reporter
  haml (~> 4.0)
  launchy
  minitest (~> 5.0)
  mongoid (~> 4.0.0)
  rack-minitest!
  rack-test (~> 0.6)
  rake
  shotgun
  simplecov
  sinatra (~> 1.4)
  travis-lint
